GEM
  remote: https://rubygems.org/
  specs:
    parseconfig (1.0.8)

PLATFORMS
  ruby

DEPENDENCIES
  parseconfig

BUNDLED WITH
   1.10.6
